GEM
  remote: http://rubygems.org/
  specs:
    RedCloth (4.2.9)
    actionmailer (2.3.16)
      actionpack (= 2.3.16)
    actionpack (2.3.16)
      activesupport (= 2.3.16)
      rack (~> 1.1.0)
    activerecord (2.3.16)
      activesupport (= 2.3.16)
    activeresource (2.3.16)
      activesupport (= 2.3.16)
    activesupport (2.3.16)
    authlogic (2.1.3)
      activesupport
    eventmachine (1.0.0)
    fastercsv (1.5.5)
    i18n_tools (0.0.3)
    json (1.7.7)
    juggernaut (0.5.8)
      eventmachine (>= 0.10.0)
      json (>= 1.1.2)
    mocha (0.9.8)
      rake
    mysql (2.9.1)
    net-ssh (2.6.5)
    rack (1.1.6)
    rails (2.3.16)
      actionmailer (= 2.3.16)
      actionpack (= 2.3.16)
      activerecord (= 2.3.16)
      activeresource (= 2.3.16)
      activesupport (= 2.3.16)
      rake (>= 0.8.3)
    rake (10.0.3)
    rcov (1.0.0)
    rdoc (3.12.1)
      json (~> 1.4)
    ya2yaml (0.31)

PLATFORMS
  ruby

DEPENDENCIES
  RedCloth
  authlogic (= 2.1.3)
  fastercsv
  i18n_tools (= 0.0.3)
  juggernaut (= 0.5.8)
  mocha (= 0.9.8)
  mysql
  net-ssh
  rails (= 2.3.16)
  rcov
  rdoc
  ya2yaml
