GEM
  remote: http://rubygems.org/
  specs:
    RedCloth (4.2.9)
    actionmailer (2.3.16)
      actionpack (= 2.3.16)
    actionpack (2.3.16)
      activesupport (= 2.3.16)
      rack (~> 1.1.0)
    activerecord (2.3.16)
      activesupport (= 2.3.16)
    activeresource (2.3.16)
      activesupport (= 2.3.16)
    activesupport (2.3.16)
    authlogic (2.1.3)
      activesupport
    builder (3.1.4)
    cucumber (1.2.1)
      builder (>= 2.1.2)
      diff-lcs (>= 1.1.3)
      gherkin (~> 2.11.0)
      json (>= 1.4.6)
    cucumber-rails (0.3.0)
      cucumber (>= 0.6.2)
    database_cleaner (0.5.0)
    diff-lcs (1.2.1)
    eventmachine (1.0.0)
    fastercsv (1.5.5)
    gherkin (2.11.6)
      json (>= 1.7.6)
    i18n_tools (0.0.3)
    json (1.7.7)
    juggernaut (0.5.8)
      eventmachine (>= 0.10.0)
      json (>= 1.1.2)
    mocha (0.9.8)
      rake
    mysql (2.9.1)
    net-ssh (2.6.5)
    nokogiri (1.5.6)
    rack (1.1.6)
    rack-test (0.6.2)
      rack (>= 1.0)
    rails (2.3.16)
      actionmailer (= 2.3.16)
      actionpack (= 2.3.16)
      activerecord (= 2.3.16)
      activeresource (= 2.3.16)
      activesupport (= 2.3.16)
      rake (>= 0.8.3)
    rake (10.0.3)
    rcov (1.0.0)
    rdoc (3.12.1)
      json (~> 1.4)
    rspec (1.3.0)
    rspec-rails (1.3.2)
      rack (>= 1.0.0)
      rspec (>= 1.3.0)
    webrat (0.7.0)
      nokogiri (>= 1.2.0)
      rack (>= 1.0)
      rack-test (>= 0.5.3)
    ya2yaml (0.31)

PLATFORMS
  ruby

DEPENDENCIES
  RedCloth
  authlogic (= 2.1.3)
  cucumber-rails (= 0.3.0)
  database_cleaner (= 0.5.0)
  fastercsv
  i18n_tools (= 0.0.3)
  juggernaut (= 0.5.8)
  mocha (= 0.9.8)
  mysql
  net-ssh
  rails (= 2.3.16)
  rcov
  rdoc
  rspec (= 1.3.0)
  rspec-rails (= 1.3.2)
  webrat (= 0.7.0)
  ya2yaml
